PATH
  remote: .
  specs:
    html_validation (1.1.6)

GEM
  remote: http://rubygems.org/
  specs:
    diff-lcs (1.5.0)
    psych (5.1.0)
      stringio
    rdoc (6.5.0)
      psych (>= 4.0.0)
    rspec (3.12.0)
      rspec-core (~> 3.12.0)
      rspec-expectations (~> 3.12.0)
      rspec-mocks (~> 3.12.0)
    rspec-core (3.12.2)
      rspec-support (~> 3.12.0)
    rspec-expectations (3.12.3)
      diff-lcs (>= 1.2.0, < 2.0)
      rspec-support (~> 3.12.0)
    rspec-mocks (3.12.6)
      diff-lcs (>= 1.2.0, < 2.0)
      rspec-support (~> 3.12.0)
    rspec-support (3.12.1)
    stringio (3.0.7)
    thor (1.2.2)

PLATFORMS
  ruby

DEPENDENCIES
  bundler
  html_validation!
  rdoc
  rspec
  thor

BUNDLED WITH
   2.4.18
